GEM
  remote: https://rubygems.org/
  specs:
    amq-protocol (1.9.2)
    bunny (1.7.0)
      amq-protocol (>= 1.9.2)
    redis (3.2.1)
    serverengine (1.5.10)
      sigdump (~> 0.2.2)
    sigdump (0.2.2)
    sneakers (1.0.2)
      bunny (~> 1.7.0)
      serverengine
      thor
      thread
    thor (0.19.1)
    thread (0.1.5)

PLATFORMS
  ruby

DEPENDENCIES
  redis
  sneakers
