GEM
  remote: https://rubygems.org/
  specs:
    amq-protocol (2.3.0)
    bunny (2.14.3)
      amq-protocol (~> 2.3, >= 2.3.0)
    concurrent-ruby (1.1.5)
    rake (12.3.3)
    serverengine (2.1.1)
      sigdump (~> 0.2.2)
    sigdump (0.2.4)
    sneakers (2.12.0)
      bunny (~> 2.14)
      concurrent-ruby (~> 1.0)
      rake (~> 12.3)
      serverengine (~> 2.1.0)
      thor
    thor (1.0.1)

PLATFORMS
  ruby

DEPENDENCIES
  sneakers

BUNDLED WITH
   2.1.2
